GEM
  remote: http://rubygems.org/
  specs:
    coderay (1.0.5)
    colored (1.2)
    diff-lcs (1.1.3)
    method_source (0.7.1)
    pry (0.9.8.4)
      coderay (~> 1.0.5)
      method_source (~> 0.7.1)
      slop (>= 2.4.4, < 3)
    rspec (2.9.0)
      rspec-core (~> 2.9.0)
      rspec-expectations (~> 2.9.0)
      rspec-mocks (~> 2.9.0)
    rspec-core (2.9.0)
    rspec-expectations (2.9.0)
      diff-lcs (~> 1.1.3)
    rspec-mocks (2.9.0)
    slop (2.4.4)

PLATFORMS
  ruby

DEPENDENCIES
  colored
  pry
  rspec
